PATH
  remote: .
  specs:
    calabash-android (0.4.5.pre1)
      awesome_print
      cucumber
      json
      retriable
      rubyzip
      slowhandcuke

GEM
  remote: http://rubygems.org/
  specs:
    awesome_print (1.1.0)
    builder (3.2.0)
    cucumber (1.3.2)
      builder (>= 2.1.2)
      diff-lcs (>= 1.1.3)
      gherkin (~> 2.12.0)
      multi_json (~> 1.3)
    diff-lcs (1.2.4)
    gherkin (2.12.0)
      multi_json (~> 1.3)
    json (1.8.0)
    multi_json (1.7.3)
    retriable (1.3.3)
    rubyzip (0.9.9)
    slowhandcuke (0.0.3)
      cucumber

PLATFORMS
  ruby

DEPENDENCIES
  calabash-android!
